{
	"Modality": "MR",
	"MagneticFieldStrength": 3,
	"ImagingFrequency": 123.248958,
	"Manufacturer": "Siemens",
	"ManufacturersModelName": "Prisma",
	"InstitutionName": "SCMI Balgrist Campus",
	"InstitutionalDepartmentName": "SCMI",
	"InstitutionAddress": "Lengghalde  5,Zuerich,ZH,CH,8008",
	"DeviceSerialNumber": "166093",
	"StationName": "Prisma",
	"BodyPartExamined": "SPINE",
	"PatientPosition": "HFS",
	"ProcedureStepDescription": "lumbar_fMRI_ltr",
	"SoftwareVersions": "syngo MR E11",
	"MRAcquisitionType": "3D",
	"SeriesDescription": "megre3d",
	"ProtocolName": "megre3d",
	"ScanningSequence": "GR",
	"SequenceVariant": "SP",
	"ScanOptions": "SAT1\\WE",
	"SequenceName": "*fl3d5r",
	"ImageType": ["ORIGINAL", "PRIMARY", "M", "NORM", "DIS2D"],
	"NonlinearGradientCorrection": true,
	"SeriesNumber": 18,
	"AcquisitionTime": "16:33:29.032500",
	"AcquisitionNumber": 4,
	"SliceThickness": 5,
	"SAR": 0.75216,
	"EchoNumber": 1,
	"EchoTime": 0.00685,
	"RepetitionTime": 0.038,
	"FlipAngle": 8,
	"PartialFourier": 1,
	"BaseResolution": 384,
	"ShimSetting": [
		2094,
		-8139,
		11722,
		-41,
		-110,
		0,
		-308,
		74	],
	"TxRefAmp": 481.756,
	"PhaseResolution": 1,
	"ReceiveCoilName": "Spine_32",
	"ReceiveCoilActiveElements": "SP2,3",
	"PulseSequenceDetails": "%SiemensSeq%\\gre",
	"RefLinesPE": 24,
	"CoilCombinationMethod": "Adaptive Combine",
	"ConsistencyInfo": "N4_VE11C_LATEST_20160120",
	"MatrixCoilMode": "GRAPPA",
	"PercentPhaseFOV": 100,
	"PercentSampling": 100,
	"EchoTrainLength": 5,
	"PhaseEncodingSteps": 383,
	"AcquisitionMatrixPE": 384,
	"ReconMatrixPE": 384,
	"ParallelReductionFactorInPlane": 2,
	"PixelBandwidth": 260,
	"DwellTime": 5e-06,
	"PhaseEncodingDirection": "j-",
	"ImageOrientationPatientDICOM": [
		1,
		2.42166e-05,
		0.000194356,
		-1.34154e-08,
		0.992335,
		-0.123575	],
	"ImageOrientationText": "Tra>Cor(-7.1)>Sag(0.0)",
	"InPlanePhaseEncodingDirectionDICOM": "COL",
	"ConversionSoftware": "dcm2niix",
	"ConversionSoftwareVersion": "v1.0.20230411"
}
