{
	"Modality": "MR",
	"MagneticFieldStrength": 3,
	"ImagingFrequency": 123.248946,
	"Manufacturer": "Siemens",
	"ManufacturersModelName": "Prisma",
	"InstitutionName": "SCMI Balgrist Campus",
	"InstitutionalDepartmentName": "SCMI",
	"InstitutionAddress": "Lengghalde  5,Zuerich,ZH,CH,8008",
	"DeviceSerialNumber": "166093",
	"StationName": "Prisma",
	"BodyPartExamined": "SPINE",
	"PatientPosition": "HFS",
	"ProcedureStepDescription": "lumbar_fMRI_ltr",
	"SoftwareVersions": "syngo MR E11",
	"MRAcquisitionType": "2D",
	"SeriesDescription": "ge_ep2d_zoomit_pfno_TE42_task",
	"ProtocolName": "ge_ep2d_zoomit_pfno_TE42_task",
	"ScanningSequence": "EP",
	"SequenceVariant": "SK\\OSP",
	"ScanOptions": "FS",
	"SequenceName": "*epfid2d1_48z",
	"ImageType": ["ORIGINAL", "PRIMARY", "M", "ND", "MOSAIC"],
	"NonlinearGradientCorrection": false,
	"SeriesNumber": 6,
	"AcquisitionTime": "16:05:53.155000",
	"AcquisitionNumber": 1,
	"SliceThickness": 5,
	"SpacingBetweenSlices": 5,
	"SAR": 0.110524,
	"EchoTime": 0.042,
	"RepetitionTime": 1.4,
	"FlipAngle": 76,
	"PartialFourier": 1,
	"BaseResolution": 144,
	"ShimSetting": [
		2108,
		-8180,
		11719,
		18,
		-78,
		-24,
		-179,
		128	],
	"TxRefAmp": 481.756,
	"PhaseResolution": 1,
	"PhaseOversampling": 0.25,
	"ReceiveCoilName": "Spine_32",
	"ReceiveCoilActiveElements": "SP2,3",
	"PulseSequenceDetails": "%SiemensSeq%\\ep2d_bold",
	"CoilCombinationMethod": "Adaptive Combine",
	"ConsistencyInfo": "N4_VE11C_LATEST_20160120",
	"MatrixCoilMode": "SENSE",
	"PercentPhaseFOV": 33.3333,
	"PercentSampling": 100,
	"EchoTrainLength": 60,
	"PhaseEncodingSteps": 60,
	"AcquisitionMatrixPE": 48,
	"ReconMatrixPE": 48,
	"BandwidthPerPixelPhaseEncode": 17.921,
	"EffectiveEchoSpacing": 0.00116251,
	"DerivedVendorReportedEchoSpacing": 0.000930008,
	"TotalReadoutTime": 0.0546379,
	"PixelBandwidth": 1240,
	"DwellTime": 2.8e-06,
	"PhaseEncodingDirection": "j-",
	"SliceTiming": [
		0,
		0.735,
		0.0925,
		0.8275,
		0.185,
		0.92,
		0.275,
		1.0125,
		0.3675,
		1.1025,
		0.46,
		1.195,
		0.5525,
		1.2875,
		0.6425	],
	"ImageOrientationPatientDICOM": [
		1,
		2.42166e-05,
		0.000194356,
		-1.34154e-08,
		0.992335,
		-0.123575	],
	"ImageOrientationText": "Tra>Cor(-7.1)>Sag(0.0)",
	"InPlanePhaseEncodingDirectionDICOM": "COL",
	"ConversionSoftware": "dcm2niix",
	"ConversionSoftwareVersion": "v1.0.20230411"
}
