{
	"Modality": "MR",
	"MagneticFieldStrength": 3,
	"ImagingFrequency": 123.248899,
	"Manufacturer": "Siemens",
	"ManufacturersModelName": "Prisma",
	"InstitutionName": "SCMI Balgrist Campus",
	"InstitutionalDepartmentName": "SCMI",
	"InstitutionAddress": "Lengghalde  5,Zuerich,ZH,CH,8008",
	"DeviceSerialNumber": "166093",
	"StationName": "Prisma",
	"BodyPartExamined": "SPINE",
	"PatientPosition": "HFS",
	"ProcedureStepDescription": "lumbar_fMRI^LTR",
	"SoftwareVersions": "syngo MR E11",
	"MRAcquisitionType": "2D",
	"SeriesDescription": "t2_tse_sag",
	"ProtocolName": "t2_tse_sag",
	"ScanningSequence": "SE",
	"SequenceVariant": "SK\\SP\\OSP",
	"ScanOptions": "SAT1",
	"SequenceName": "*tseR2d1rr16",
	"ImageType": ["ORIGINAL", "PRIMARY", "M", "NORM", "DIS2D"],
	"NonlinearGradientCorrection": true,
	"SeriesNumber": 4,
	"AcquisitionTime": "15:54:34.030000",
	"AcquisitionNumber": 1,
	"SliceThickness": 4,
	"SpacingBetweenSlices": 4.4,
	"SAR": 1.7921,
	"EchoTime": 0.089,
	"RepetitionTime": 3.09,
	"SpoilingState": true,
	"FlipAngle": 131,
	"PartialFourier": 1,
	"BaseResolution": 448,
	"ShimSetting": [
		2067,
		-8175,
		11595,
		50,
		64,
		-11,
		-11,
		27	],
	"TxRefAmp": 475.307,
	"PhaseResolution": 0.7,
	"PhaseOversampling": 0.7,
	"ReceiveCoilName": "Spine_32",
	"ReceiveCoilActiveElements": "SP2-4",
	"PulseSequenceDetails": "%SiemensSeq%\\tse",
	"RefLinesPE": 42,
	"CoilCombinationMethod": "Adaptive Combine",
	"ConsistencyInfo": "N4_VE11C_LATEST_20160120",
	"MatrixCoilMode": "GRAPPA",
	"PercentPhaseFOV": 100,
	"PercentSampling": 70,
	"EchoTrainLength": 16,
	"PhaseEncodingSteps": 534,
	"AcquisitionMatrixPE": 314,
	"ReconMatrixPE": 448,
	"ParallelReductionFactorInPlane": 2,
	"PixelBandwidth": 270,
	"DwellTime": 4.1e-06,
	"PhaseEncodingDirection": "j-",
	"SliceTiming": [
		0,
		1.64062,
		0.20312,
		1.84375,
		0.40625,
		2.0625,
		0.60938,
		2.26562,
		0.82812,
		2.46875,
		1.03125,
		2.67188,
		1.23438,
		2.875,
		1.4375	],
	"ImageOrientationPatientDICOM": [
		0,
		1,
		4.897e-12,
		0,
		4.897e-12,
		-1	],
	"ImageOrientationText": "Sag",
	"InPlanePhaseEncodingDirectionDICOM": "COL",
	"ConversionSoftware": "dcm2niix",
	"ConversionSoftwareVersion": "v1.0.20230411"
}
